GEM
  remote: https://rubygems.org/
  specs:
    atk (3.0.9)
      glib2 (= 3.0.9)
    cairo (1.15.2)
      pkg-config (>= 1.1.5)
    cairo-gobject (3.0.9)
      cairo
      glib2 (= 3.0.9)
    gdk3 (3.0.9)
      cairo-gobject (= 3.0.9)
      gdk_pixbuf2 (= 3.0.9)
      gobject-introspection (= 3.0.9)
      pango (= 3.0.9)
    gdk_pixbuf2 (3.0.9)
      glib2 (= 3.0.9)
    gio2 (3.0.9)
      glib2 (= 3.0.9)
      gobject-introspection (= 3.0.9)
    glib2 (3.0.9)
      pkg-config
    gobject-introspection (3.0.9)
      glib2 (= 3.0.9)
    gtk3 (3.0.9)
      atk (= 3.0.9)
      gdk3 (= 3.0.9)
      gdk_pixbuf2 (= 3.0.9)
      gio2 (= 3.0.9)
      glib2 (= 3.0.9)
      gobject-introspection (= 3.0.9)
      pango (= 3.0.9)
    gtksourceview3 (3.0.9)
      gobject-introspection (= 3.0.9)
      gtk3 (= 3.0.9)
    pango (3.0.9)
      cairo (>= 1.14.0)
      glib2 (= 3.0.9)
    pkg-config (1.1.7)
    require_all (1.3.3)
    visualruby (3.0.23)
      gtk3 (>= 3.0.0)
      gtksourceview3 (>= 3.0.0)
      require_all (>= 1.2)

PLATFORMS
  ruby

DEPENDENCIES
  visualruby (~> 3.0, >= 3.0.2)

BUNDLED WITH
   1.12.5
