GEM
  specs:
    atk (3.0.9)
      glib2 (= 3.0.9)
    cairo (1.15.2)
      pkg-config (>= 1.1.5)
    gdk_pixbuf2 (3.0.9)
      glib2 (= 3.0.9)
    glib2 (3.0.9)
      pkg-config
    gtk2 (3.0.9)
      atk (= 3.0.9)
      gdk_pixbuf2 (= 3.0.9)
      pango (= 3.0.9)
    pango (3.0.9)
      cairo (>= 1.14.0)
      glib2 (= 3.0.9)
    pkg-config (1.1.7)
    require_all (1.3.3)
    vrlib (1.0.19)
      gtk2 (>= 2.24.0)
      require_all (>= 1.2.1)

PLATFORMS
  ruby

DEPENDENCIES
  vrlib (~> 1.0, >= 1.0.19)

BUNDLED WITH
   1.12.5
